GEM
  remote: https://rubygems.org/
  specs:

PLATFORMS
  aarch64-linux

DEPENDENCIES

RUBY VERSION
   ruby 3.0.3p157

BUNDLED WITH
   2.2.32
